PATH
  remote: .
  specs:
    opswalrus (1.0.15)
      amazing_print (~> 1.5)
      bcrypt_pbkdf (~> 1.1)
      citrus (~> 3.0)
      ed25519 (~> 1.3)
      git (~> 1.18)
      gli (~> 2.21)
      ougai (~> 2.0)
      rubyzip (~> 2.3)
      sshkit (~> 1.21)

GEM
  remote: https://rubygems.org/
  specs:
    addressable (2.8.5)
      public_suffix (>= 2.0.2, < 6.0)
    amazing_print (1.5.0)
    bcrypt_pbkdf (1.1.0)
    citrus (3.0.2)
    diff-lcs (1.5.0)
    ed25519 (1.3.0)
    git (1.18.0)
      addressable (~> 2.8)
      rchardet (~> 1.8)
    gli (2.21.1)
    net-scp (4.0.0)
      net-ssh (>= 2.6.5, < 8.0.0)
    net-ssh (7.2.0)
    oj (3.16.0)
    ougai (2.0.0)
      oj (~> 3.10)
    public_suffix (5.0.3)
    rake (13.0.6)
    rchardet (1.8.0)
    rspec (3.12.0)
      rspec-core (~> 3.12.0)
      rspec-expectations (~> 3.12.0)
      rspec-mocks (~> 3.12.0)
    rspec-core (3.12.2)
      rspec-support (~> 3.12.0)
    rspec-expectations (3.12.3)
      diff-lcs (>= 1.2.0, < 2.0)
      rspec-support (~> 3.12.0)
    rspec-mocks (3.12.6)
      diff-lcs (>= 1.2.0, < 2.0)
      rspec-support (~> 3.12.0)
    rspec-support (3.12.1)
    rubyzip (2.3.2)
    sshkit (1.21.5)
      net-scp (>= 1.1.2)
      net-ssh (>= 2.8.0)

PLATFORMS
  x86_64-linux

DEPENDENCIES
  opswalrus!
  rake (~> 13.0)
  rspec (~> 3.0)

BUNDLED WITH
   2.4.10
